GIT
  remote: git://github.com/collectiveidea/delayed_job.git
  revision: 8dc3930f20eb7363ef0d451ac05a3851eb0caaf6
  tag: v2.1.4
  specs:
    delayed_job (2.1.4)
      activesupport (~> 3.0)
      daemons

GIT
  remote: git://github.com/earbits/delayed_job_mongo_mapper.git
  revision: 321b3c553b664350d92327708e97dc06ab2957da
  specs:
    delayed_job_mongo_mapper (1.0.0)
      delayed_job (~> 2.1.1)
      mongo_mapper (~> 0.9)
      rails (>= 3.0.0)

GIT
  remote: git://github.com/hotsh/redfinger.git
  revision: b73861b87c7d0bd8d3669c49134a5d416f5ac9f3
  specs:
    redfinger (0.1.1)
      hashie
      nokogiri (>= 1.4.0)
      rest-client (>= 1.5.0)

GIT
  remote: git://github.com/jrgifford/ratom.git
  revision: 9f9495573d40458a655840993cbcd1b6608761a0
  branch: make-it-work-on-ubuntu-systems
  specs:
    ratom (0.7.2)
      libxml-ruby (~> 2.3)

GIT
  remote: git://github.com/rtomayko/rocco.git
  revision: 7d3ba197ccf010973942de23596a7e60423b862a
  specs:
    rocco (0.8.2)
      mustache
      redcarpet (~> 1.17)

GEM
  remote: http://rubygems.org/
  specs:
    aaronh-chronic (0.3.9)
    actionmailer (3.2.14)
      actionpack (= 3.2.14)
      mail (~> 2.5.4)
    actionpack (3.2.14)
      activemodel (= 3.2.14)
      activesupport (= 3.2.14)
      builder (~> 3.0.0)
      erubis (~> 2.7.0)
      journey (~> 1.0.4)
      rack (~> 1.4.5)
      rack-cache (~> 1.2)
      rack-test (~> 0.6.1)
      sprockets (~> 2.2.1)
    activemodel (3.2.14)
      activesupport (= 3.2.14)
      builder (~> 3.0.0)
    activerecord (3.2.14)
      activemodel (= 3.2.14)
      activesupport (= 3.2.14)
      arel (~> 3.0.2)
      tzinfo (~> 0.3.29)
    activeresource (3.2.14)
      activemodel (= 3.2.14)
      activesupport (= 3.2.14)
    activesupport (3.2.14)
      i18n (~> 0.6, >= 0.6.4)
      multi_json (~> 1.0)
    addressable (2.2.8)
    airbrake (3.0.9)
      activesupport
      builder
    arel (3.0.2)
    bcrypt-ruby (3.0.1)
    bson (1.9.1)
    bson_ext (1.9.1)
      bson (~> 1.9.1)
    builder (3.0.4)
    capybara (1.1.4)
      mime-types (>= 1.16)
      nokogiri (>= 1.3.3)
      rack (>= 1.0.0)
      rack-test (>= 0.5.4)
      selenium-webdriver (~> 2.0)
      xpath (~> 0.1.4)
    childprocess (0.3.9)
      ffi (~> 1.0, >= 1.0.11)
    chunky_png (1.2.8)
    coffee-rails (3.2.2)
      coffee-script (>= 2.2.0)
      railties (~> 3.2.0)
    coffee-script (2.2.0)
      coffee-script-source
      execjs
    coffee-script-source (1.6.3)
    compass (0.12.2)
      chunky_png (~> 1.2)
      fssm (>= 0.2.7)
      sass (~> 3.1)
    compass-rails (1.0.3)
      compass (>= 0.12.2, < 0.14)
    crack (0.4.0)
      safe_yaml (~> 0.9.0)
    daemons (1.1.9)
    database_cleaner (0.6.7)
    draper (0.11.1)
      activesupport (>= 2.3.10)
    erubis (2.7.0)
    exceptional (2.0.33)
      rack
    execjs (1.4.0)
      multi_json (~> 1.0)
    fabrication (1.2.0)
    faraday (0.8.7)
      multipart-post (~> 1.1)
    ffi (1.9.0)
    fssm (0.2.10)
    haml (3.1.8)
    haml-rails (0.3.5)
      actionpack (>= 3.1, < 4.1)
      activesupport (>= 3.1, < 4.1)
      haml (~> 3.1)
      railties (>= 3.1, < 4.1)
    hashie (2.0.5)
    hashr (0.0.22)
    hike (1.2.3)
    i18n (0.6.4)
    journey (1.0.4)
    jquery-rails (1.0.19)
      railties (~> 3.0)
      thor (~> 0.14)
    jquery-ui-rails (2.0.2)
      jquery-rails
      railties (>= 3.1.0)
    json (1.8.0)
    launchy (2.0.5)
      addressable (~> 2.2.6)
    libxml-ruby (2.6.0)
    mail (2.5.4)
      mime-types (~> 1.16)
      treetop (~> 1.4.8)
    metaclass (0.0.1)
    mime-types (1.23)
    minitest (4.2.0)
    mocha (0.13.3)
      metaclass (~> 0.0.1)
    mongo (1.9.1)
      bson (~> 1.9.1)
    mongo_mapper (0.12.0)
      activemodel (~> 3.0)
      activesupport (~> 3.0)
      plucky (~> 0.5.2)
    multi_json (1.7.7)
    multipart-post (1.2.0)
    mustache (0.99.4)
    newrelic_rpm (3.3.5)
    nokogiri (1.5.10)
    oauth (0.4.7)
    omniauth (1.1.4)
      hashie (>= 1.2, < 3)
      rack
    omniauth-oauth (1.0.1)
      oauth
      omniauth (~> 1.0)
    omniauth-twitter (1.0.0)
      multi_json (~> 1.3)
      omniauth-oauth (~> 1.0)
    opub (0.0.1)
    ostatus (0.0.12)
      ratom (~> 0.7.0)
    osub (0.0.7)
      ostatus
      ruby-hmac
    plucky (0.5.2)
      mongo (~> 1.5)
    polyglot (0.3.3)
    pony (1.5)
      mail (> 2.0)
    puma (1.6.3)
      rack (~> 1.2)
    pygmentize (0.0.3)
    quiet_assets (1.0.2)
      railties (>= 3.1, < 5.0)
    rack (1.4.5)
    rack-cache (1.2)
      rack (>= 0.4)
    rack-ssl (1.3.3)
      rack
    rack-test (0.6.2)
      rack (>= 1.0)
    rails (3.2.14)
      actionmailer (= 3.2.14)
      actionpack (= 3.2.14)
      activerecord (= 3.2.14)
      activeresource (= 3.2.14)
      activesupport (= 3.2.14)
      bundler (~> 1.0)
      railties (= 3.2.14)
    railties (3.2.14)
      actionpack (= 3.2.14)
      activesupport (= 3.2.14)
      rack-ssl (~> 1.3.2)
      rake (>= 0.8.7)
      rdoc (~> 3.4)
      thor (>= 0.14.6, < 2.0)
    rake (10.1.0)
    rdiscount (1.6.8)
    rdoc (3.12.2)
      json (~> 1.4)
    redcarpet (1.17.2)
    rest-client (1.6.7)
      mime-types (>= 1.16)
    rsa (0.1.4)
    ruby-hmac (0.4.0)
    rubyzip (0.9.9)
    safe_yaml (0.9.4)
    sass (3.1.21)
    sass-rails (3.2.6)
      railties (~> 3.2.0)
      sass (>= 3.1.10)
      tilt (~> 1.3)
    selenium-webdriver (2.33.0)
      childprocess (>= 0.2.5)
      multi_json (~> 1.0)
      rubyzip
      websocket (~> 1.0.4)
    show_me_the_cookies (1.1.4)
      capybara (~> 1.0)
    simple_oauth (0.2.0)
    simplecov (0.4.2)
      simplecov-html (~> 0.4.4)
    simplecov-html (0.4.5)
    sprockets (2.2.2)
      hike (~> 1.2)
      multi_json (~> 1.0)
      rack (~> 1.0)
      tilt (~> 1.1, != 1.3.0)
    thor (0.18.1)
    tilt (1.4.1)
    tire (0.4.3)
      activemodel (>= 3.0)
      hashr (~> 0.0.19)
      multi_json (~> 1.0)
      rake
      rest-client (~> 1.6)
    treetop (1.4.14)
      polyglot
      polyglot (>= 0.3.1)
    twitter (4.8.1)
      faraday (~> 0.8, < 0.10)
      multi_json (~> 1.0)
      simple_oauth (~> 0.2)
    tzinfo (0.3.37)
    uglifier (1.0.4)
      execjs (>= 0.3.0)
      multi_json (>= 1.0.2)
    vcr (1.10.3)
    webmock (1.6.4)
      addressable (~> 2.2, > 2.2.5)
      crack (>= 0.1.7)
    websocket (1.0.7)
    whenever (0.6.8)
      aaronh-chronic (>= 0.3.9)
      activesupport (>= 2.3.4)
    xpath (0.1.4)
      nokogiri (~> 1.3)

PLATFORMS
  ruby

DEPENDENCIES
  airbrake (~> 3.0.9)
  bcrypt-ruby (~> 3.0.0)
  bson (~> 1.9.0)
  bson_ext (~> 1.9.0)
  capybara (~> 1.1.2)
  coffee-rails (~> 3.2.2)
  compass-rails (~> 1.0.3)
  database_cleaner (~> 0.6.7)
  delayed_job!
  delayed_job_mongo_mapper!
  draper (~> 0.11.1)
  exceptional (~> 2.0.32)
  fabrication (~> 1.2.0)
  haml (~> 3.1.4)
  haml-rails (~> 0.3.4)
  i18n (~> 0.6.0)
  jquery-rails (~> 1.0.12)
  jquery-ui-rails (~> 2.0.0)
  launchy (~> 2.0.5)
  minitest (~> 4.2.0)
  mocha (~> 0.13.0)
  mongo (~> 1.9.0)
  mongo_mapper (~> 0.12.0)
  newrelic_rpm (~> 3.3.1)
  nokogiri (~> 1.5.0)
  omniauth (~> 1.1.0)
  omniauth-twitter (~> 1.0.0)
  opub (~> 0.0.1)
  ostatus (~> 0.0.12)
  osub (~> 0.0.6)
  pony (~> 1.3)
  puma (~> 1.6.3)
  pygmentize (~> 0.0.3)
  quiet_assets (~> 1.0.0)
  rails (= 3.2.14)
  ratom!
  rdiscount (~> 1.6.8)
  redfinger!
  rocco!
  rsa (~> 0.1.4)
  sass (~> 3.1.10)
  sass-rails (~> 3.2.5)
  show_me_the_cookies (~> 1.1.0)
  simplecov (~> 0.4.0)
  tire (~> 0.4.1)
  twitter (~> 4.8.0)
  tzinfo (~> 0.3.29)
  uglifier (~> 1.0.0)
  vcr (~> 1.10.3)
  webmock (~> 1.6.4)
  whenever (~> 0.6.8)
